GEM
  remote: https://rubygems.org/
  specs:
    binding_of_caller (0.7.2)
      debug_inspector (>= 0.0.1)
    coderay (1.1.1)
    debase (0.2.2.beta8)
      debase-ruby_core_source
    debase-ruby_core_source (0.9.4)
    debug_inspector (0.0.2)
    method_source (0.8.2)
    pry (0.10.4)
      coderay (~> 1.1.0)
      method_source (~> 0.8.1)
      slop (~> 3.4)
    pry-doc (0.9.0)
      pry (~> 0.9)
      yard (~> 0.8)
    pry-rails (0.3.4)
      pry (>= 0.9.10)
    pry-stack_explorer (0.4.9.2)
      binding_of_caller (>= 0.7)
      pry (>= 0.9.11)
    rake (11.3.0)
    rb-readline (0.5.3)
    ruby-debug-ide (0.6.1.beta2)
      rake (>= 0.8.1)
    slop (3.6.0)
    yard (0.9.5)

PLATFORMS
  ruby

DEPENDENCIES
  debase (= 0.2.2.beta8)
  pry-doc
  pry-rails
  pry-stack_explorer
  rb-readline
  ruby-debug-ide (= 0.6.1.beta2)

BUNDLED WITH
   1.13.6
